PATH
  remote: .
  specs:
    mayu-swc (0.0.1)

GEM
  remote: https://rubygems.org/
  specs:
    minitest (5.20.0)
    rake (13.1.0)
    rake-compiler (1.2.5)
      rake
    rb_sys (0.9.86)

PLATFORMS
  aarch64-linux
  arm64-darwin
  x86_64-darwin
  x86_64-darwin-20
  x86_64-linux

DEPENDENCIES
  mayu-swc!
  minitest (~> 5.20)
  rake (~> 13.1)
  rake-compiler (~> 1.2.5)
  rb_sys (~> 0.9.86)

BUNDLED WITH
   2.4.3
